GEM
  remote: https://rubygems.org/
  specs:
    faraday (2.3.0)
      faraday-net_http (~> 2.0)
      ruby2_keywords (>= 0.0.4)
    faraday-net_http (2.0.3)
    jwt (2.4.1)
    nokogiri (1.13.6-x86_64-darwin)
      racc (~> 1.4)
    nokogiri (1.13.6-x86_64-linux)
      racc (~> 1.4)
    racc (1.6.0)
    ruby2_keywords (0.0.5)
    twilio-ruby (5.68.0)
      faraday (>= 0.9, < 3.0)
      jwt (>= 1.5, <= 2.5)
      nokogiri (>= 1.6, < 2.0)

PLATFORMS
  x86_64-darwin-21
  x86_64-linux

DEPENDENCIES
  nokogiri (~> 1.13, >= 1.13.6)
  twilio-ruby (~> 5.68)

RUBY VERSION
   ruby 3.1.1p18

BUNDLED WITH
   2.3.17
