GEM
  remote: https://rubygems.org/
  specs:
    byebug (11.1.3)
    coderay (1.1.3)
    faraday (1.10.2)
      faraday-em_http (~> 1.0)
      faraday-em_synchrony (~> 1.0)
      faraday-excon (~> 1.1)
      faraday-httpclient (~> 1.0)
      faraday-multipart (~> 1.0)
      faraday-net_http (~> 1.0)
      faraday-net_http_persistent (~> 1.0)
      faraday-patron (~> 1.0)
      faraday-rack (~> 1.0)
      faraday-retry (~> 1.0)
      ruby2_keywords (>= 0.0.4)
    faraday-em_http (1.0.0)
    faraday-em_synchrony (1.0.0)
    faraday-excon (1.1.0)
    faraday-httpclient (1.0.1)
    faraday-multipart (1.0.4)
      multipart-post (~> 2)
    faraday-net_http (1.0.1)
    faraday-net_http_persistent (1.2.0)
    faraday-patron (1.0.0)
    faraday-rack (1.0.0)
    faraday-retry (1.0.3)
    jwt (2.5.0)
    method_source (1.0.0)
    multipart-post (2.0.0)
    nokogiri (1.13.8-x86_64-darwin)
      racc (~> 1.4)
    nokogiri (1.13.8-x86_64-linux)
      racc (~> 1.4)
    openssl (3.0.0)
    pry (0.14.1)
      coderay (~> 1.1)
      method_source (~> 1.0)
    racc (1.6.0)
    ruby2_keywords (0.0.5)
    secret_keys (1.0.1)
    twilio-ruby (5.71.0)
      faraday (>= 0.9, < 3.0)
      jwt (>= 1.5, <= 2.5)
      nokogiri (>= 1.6, < 2.0)

PLATFORMS
  x86_64-darwin-21
  x86_64-linux

DEPENDENCIES
  byebug
  nokogiri (~> 1.13, >= 1.13.6)
  openssl (~> 3.0)
  pry
  secret_keys (~> 1.0, >= 1.0.1)
  twilio-ruby (~> 5.68)

RUBY VERSION
   ruby 3.1.0p0

BUNDLED WITH
   2.3.3
